PATH
  remote: .
  specs:
    yard-mdx (0.0.0)
      yard (~> 0.9.0)

GEM
  remote: https://rubygems.org/
  specs:
    rake (13.2.1)
    yard (0.9.37)

PLATFORMS
  aarch64-linux
  ruby

DEPENDENCIES
  bundler (~> 2.5)
  rake (~> 13.0)
  yard-mdx!

BUNDLED WITH
   2.5.16
